GEM
  remote: http://rubygems.org/
  specs:
    blankslate (2.1.2.4)
    celluloid (0.16.0)
      timers (~> 4.0.0)
    classifier-reborn (2.0.2)
      fast-stemmer (~> 1.0)
    coffee-script (2.3.0)
      coffee-script-source
      execjs
    coffee-script-source (1.8.0)
    colorator (0.1)
    execjs (2.2.2)
    fast-stemmer (1.0.2)
    ffi (1.9.6)
    hitimes (1.2.2)
    jekyll (2.5.2)
      classifier-reborn (~> 2.0)
      colorator (~> 0.1)
      jekyll-coffeescript (~> 1.0)
      jekyll-gist (~> 1.0)
      jekyll-paginate (~> 1.0)
      jekyll-sass-converter (~> 1.0)
      jekyll-watch (~> 1.1)
      kramdown (~> 1.3)
      liquid (~> 2.6.1)
      mercenary (~> 0.3.3)
      pygments.rb (~> 0.6.0)
      redcarpet (~> 3.1)
      safe_yaml (~> 1.0)
      toml (~> 0.1.0)
    jekyll-coffeescript (1.0.1)
      coffee-script (~> 2.2)
    jekyll-gist (1.1.0)
    jekyll-paginate (1.1.0)
    jekyll-sass-converter (1.3.0)
      sass (~> 3.2)
    jekyll-tagging (0.6.0)
      ruby-nuggets
    jekyll-watch (1.2.0)
      listen (~> 2.7)
    json (1.8.1)
    kramdown (1.5.0)
    liquid (2.6.1)
    listen (2.8.3)
      celluloid (>= 0.15.2)
      rb-fsevent (>= 0.9.3)
      rb-inotify (>= 0.9)
    mercenary (0.3.5)
    nuggets (1.0.0)
    octopress (3.0.0.rc.19)
      jekyll (~> 2.0)
      mercenary (~> 0.3.2)
      octopress-deploy
      octopress-docs
      titlecase
    octopress-asset-pipeline (1.0.4)
      octopress-ink (~> 1.0.0.rc.15)
    octopress-date-format (2.0.2)
      jekyll (~> 2.0)
      octopress-hooks (~> 2.0)
    octopress-deploy (1.0.0)
      colorator
      octopress-docs
    octopress-docs (0.0.10)
      jekyll (~> 2.0)
      octopress-escape-code (~> 1.0)
      octopress-hooks (~> 2.0)
    octopress-escape-code (1.0.2)
      octopress-hooks (~> 2.0)
    octopress-filters (1.2.0)
      jekyll
      octopress-hooks (~> 2.0)
      rubypants-unicode
      titlecase
    octopress-hooks (2.2.1)
      jekyll (~> 2.0)
    octopress-include-tag (1.0.0)
      jekyll (~> 2.0)
      octopress-tag-helpers (~> 1.0)
    octopress-ink (1.0.0.rc.19)
      jekyll (~> 2.0)
      octopress (~> 3.0.0.rc)
      octopress-docs
      octopress-filters (~> 1.1)
      octopress-hooks (~> 2.2)
      octopress-include-tag (~> 1.0)
      uglifier (~> 2.5)
    octopress-tag-helpers (1.0.2)
      jekyll (~> 2.0)
    parslet (1.5.0)
      blankslate (~> 2.0)
    posix-spawn (0.3.9)
    pygments.rb (0.6.0)
      posix-spawn (~> 0.3.6)
      yajl-ruby (~> 1.1.0)
    rb-fsevent (0.9.4)
    rb-inotify (0.9.5)
      ffi (>= 0.5.0)
    redcarpet (3.2.1)
    ruby-nuggets (1.0.0)
      nuggets (= 1.0.0)
    rubypants-unicode (0.2.5)
    safe_yaml (1.0.4)
    sass (3.4.9)
    timers (4.0.1)
      hitimes
    titlecase (0.1.1)
    toml (0.1.2)
      parslet (~> 1.5.0)
    uglifier (2.6.0)
      execjs (>= 0.3.0)
      json (>= 1.8.0)
    yajl-ruby (1.1.0)

PLATFORMS
  ruby

DEPENDENCIES
  jekyll-tagging
  octopress (~> 3.0.0.rc)
  octopress-asset-pipeline
  octopress-date-format
  octopress-deploy
  octopress-ink
